GEM
  remote: https://rubygems.org/
  specs:
    commonmarker (1.0.4)
      rb_sys (~> 0.9)
    commonmarker (1.0.4-aarch64-linux)
    commonmarker (1.0.4-arm64-darwin)
    commonmarker (1.0.4-x86_64-darwin)
    commonmarker (1.0.4-x86_64-linux)
    diff-lcs (1.5.1)
    mysql2 (0.5.6)
    nokogiri (1.16.4-aarch64-linux)
      racc (~> 1.4)
    nokogiri (1.16.4-arm-linux)
      racc (~> 1.4)
    nokogiri (1.16.4-arm64-darwin)
      racc (~> 1.4)
    nokogiri (1.16.4-x86-linux)
      racc (~> 1.4)
    nokogiri (1.16.4-x86_64-darwin)
      racc (~> 1.4)
    nokogiri (1.16.4-x86_64-linux)
      racc (~> 1.4)
    racc (1.7.3)
    rb_sys (0.9.94)
    redcarpet (3.6.0)
    rspec (3.13.0)
      rspec-core (~> 3.13.0)
      rspec-expectations (~> 3.13.0)
      rspec-mocks (~> 3.13.0)
    rspec-core (3.13.0)
      rspec-support (~> 3.13.0)
    rspec-expectations (3.13.0)
      diff-lcs (>= 1.2.0, < 2.0)
      rspec-support (~> 3.13.0)
    rspec-mocks (3.13.0)
      diff-lcs (>= 1.2.0, < 2.0)
      rspec-support (~> 3.13.0)
    rspec-support (3.13.1)

PLATFORMS
  aarch64-linux
  arm-linux
  arm64-darwin
  x86-linux
  x86_64-darwin
  x86_64-linux

DEPENDENCIES
  commonmarker
  mysql2
  nokogiri
  redcarpet
  rspec

BUNDLED WITH
   2.5.6
